GEM
  remote: https://rubygems.org/
  specs:
    caxlsx (3.2.0)
      htmlentities (~> 4.3, >= 4.3.4)
      marcel (~> 1.0)
      nokogiri (~> 1.10, >= 1.10.4)
      rubyzip (>= 1.3.0, < 3)
    coderay (1.1.3)
    htmlentities (4.3.4)
    marcel (1.0.2)
    method_source (1.0.0)
    nokogiri (1.14.2-x86_64-darwin)
      racc (~> 1.4)
    pry (0.14.2)
      coderay (~> 1.1)
      method_source (~> 1.0)
    racc (1.6.2)
    rake (13.0.6)
    roo (2.10.0)
      nokogiri (~> 1)
      rubyzip (>= 1.3.0, < 3.0.0)
    rubyzip (2.3.2)

PLATFORMS
  x86_64-darwin-20

DEPENDENCIES
  caxlsx
  pry
  rake
  roo (~> 2.10.0)

BUNDLED WITH
   2.3.22
